GIT
  remote: https://github.com/Burgestrand/spotify.git
  revision: 4fbb16d212f8aee0e0fdd5b18b17f09b8e1a743b
  specs:
    spotify (12.6.0)
      ffi (~> 1.0, >= 1.0.11)
      libspotify (~> 12.1.51)
      performer (~> 1.0)

GIT
  remote: https://github.com/oscardelben/firebase-ruby.git
  revision: 94fd0c9dcfc85609dd0f03678e12f06c73afea89
  specs:
    firebase (0.2.2)
      json
      typhoeus (>= 0.6.1)

GEM
  remote: https://rubygems.org/
  specs:
    backports (3.6.3)
    coderay (1.1.0)
    daemons (1.1.9)
    dotenv (1.0.2)
    ethon (0.7.1)
      ffi (>= 1.3.0)
    eventmachine (1.0.3)
    faraday (0.9.0)
      multipart-post (>= 1.2, < 3)
    ffi (1.9.6)
    hashie (3.3.1)
    json (1.8.1)
    jwt (1.0.0)
    libspotify (12.1.51.4)
    method_source (0.8.2)
    multi_json (1.10.1)
    multi_xml (0.5.5)
    multipart-post (2.0.0)
    netrc (0.7.9)
    oauth2 (1.0.0)
      faraday (>= 0.8, < 0.10)
      jwt (~> 1.0)
      multi_json (~> 1.3)
      multi_xml (~> 0.5)
      rack (~> 1.2)
    omniauth (1.2.2)
      hashie (>= 1.2, < 4)
      rack (~> 1.0)
    omniauth-oauth2 (1.2.0)
      faraday (>= 0.8, < 0.10)
      multi_json (~> 1.3)
      oauth2 (~> 1.0)
      omniauth (~> 1.2)
    performer (1.0.1)
    plaything (1.1.1)
      ffi (~> 1.1)
    pry (0.10.1)
      coderay (~> 1.1.0)
      method_source (~> 0.8.1)
      slop (~> 3.4)
    rack (1.5.2)
    rack-protection (1.5.3)
      rack
    rack-test (0.6.2)
      rack (>= 1.0)
    redis (3.1.0)
    redis-namespace (1.5.1)
      redis (~> 3.0, >= 3.0.4)
    rest_client (1.8.1)
      netrc (~> 0.7.7)
    rspotify (1.6.0)
      omniauth-oauth2 (~> 1.1)
      rest_client (~> 1.7)
    sinatra (1.4.5)
      rack (~> 1.4)
      rack-protection (~> 1.4)
      tilt (~> 1.3, >= 1.3.4)
    sinatra-contrib (1.4.2)
      backports (>= 2.0)
      multi_json
      rack-protection
      rack-test
      sinatra (~> 1.4.0)
      tilt (~> 1.3)
    slop (3.6.0)
    thin (1.6.3)
      daemons (~> 1.0, >= 1.0.9)
      eventmachine (~> 1.0)
      rack (~> 1.0)
    tilt (1.4.1)
    typhoeus (0.6.9)
      ethon (>= 0.7.1)

PLATFORMS
  ruby

DEPENDENCIES
  dotenv
  eventmachine
  firebase!
  plaything
  pry
  redis-namespace
  rspotify
  sinatra
  sinatra-contrib
  spotify!
  thin
